GEM
  remote: https://rubygems.org/
  specs:
    builder (3.2.0)
    celluloid (0.14.0)
      timers (>= 1.0.0)
    cucumber (1.3.1)
      builder (>= 2.1.2)
      diff-lcs (>= 1.1.3)
      gherkin (~> 2.12.0)
      multi_json (~> 1.3)
    diff-lcs (1.2.4)
    gherkin (2.12.0)
      multi_json (~> 1.3)
    json (1.7.7)
    multi_json (1.7.3)
    timers (1.1.0)

PLATFORMS
  ruby

DEPENDENCIES
  celluloid
  cucumber
  json (~> 1.7.7)
